GIT
  remote: https://github.com/steved555/hashie.git
  revision: d433d8b1574130f8f3752019ea4db3519c69e6df
  specs:
    hashie (2.0.0.beta)

PATH
  remote: .
  specs:
    zendesk_api (0.1.2)
      faraday (>= 0.8.0)
      faraday_middleware (>= 0.8.7)
      hashie
      inflection
      json
      mime-types
      multipart-post

GEM
  remote: https://rubygems.org/
  specs:
    addressable (2.2.8)
    bond (0.4.2)
    crack (0.3.1)
    faraday (0.8.4)
      multipart-post (~> 1.1)
    faraday_middleware (0.8.8)
      faraday (>= 0.7.4, < 0.9)
    inflection (1.0.0)
    json (1.7.5)
    mime-types (1.19)
    multi_json (1.3.6)
    multipart-post (1.1.5)
    rack (1.4.1)
    rake (0.9.2.2)
    ripl (0.7.0)
      bond (~> 0.4.2)
    rspec (2.11.0)
      rspec-core (~> 2.11.0)
      rspec-expectations (~> 2.11.0)
      rspec-mocks (~> 2.11.0)
    rspec-core (2.11.1)
    rspec-expectations (2.11.2)
    rspec-mocks (2.11.2)
    simplecov (0.6.4)
      multi_json (~> 1.0)
      simplecov-html (~> 0.5.3)
    simplecov-html (0.5.3)
    sinatra (1.2.8)
      rack (~> 1.1)
      tilt (>= 1.2.2, < 2.0)
    tilt (1.3.3)
    vcr (2.2.4)
    webmock (1.8.7)
      addressable (>= 2.2.7)
      crack (>= 0.1.7)
    yard (0.8.2.1)

PLATFORMS
  ruby

DEPENDENCIES
  hashie!
  jruby-openssl
  rake
  ripl
  rspec
  simplecov
  sinatra
  vcr
  webmock
  yard
  zendesk_api!
